GEM
  remote: https://rubygems.org/
  specs:
    chef-api (0.10.10)
      mime-types
      mixlib-log (>= 1, < 4)
    mime-types (3.3.1)
      mime-types-data (~> 3.2015)
    mime-types-data (3.2020.0512)
    mixlib-log (3.0.9)
    stove (7.1.6)
      chef-api (~> 0.5)
      mixlib-log (>= 2.0)

PLATFORMS
  ruby

DEPENDENCIES
  stove (~> 7.1)

BUNDLED WITH
   1.17.2
